PATH
  remote: .
  specs:
    pippi (0.0.14)

GEM
  remote: https://rubygems.org/
  specs:
    byebug (2.7.0)
      columnize (~> 0.3)
      debugger-linecache (~> 1.2)
    columnize (0.8.9)
    debugger-linecache (1.2.0)
    minitest (5.4.2)
    rake (10.1.0)

PLATFORMS
  ruby

DEPENDENCIES
  byebug (~> 2.7)
  minitest (~> 5.0)
  pippi!
  rake (~> 10.1)
